GEM
  remote: https://rubygems.org/
  specs:
    ffi (1.17.2-x64-mingw-ucrt)
    ffi (1.17.2-x86_64-darwin)
    parslet (2.0.0)

PLATFORMS
  x64-mingw-ucrt
  x86_64-darwin-24

DEPENDENCIES
  ffi (~> 1.17, >= 1.17.2)
  parslet (~> 2.0)

BUNDLED WITH
   2.6.9
